GEM
  remote: https://rubygems.org/
  specs:
    filewatcher (0.5.4)
      trollop (~> 2.0)
    paint (2.0.0)
    trollop (2.1.2)
    unicode-display_width (1.3.0)
    whirly (0.2.4)
      unicode-display_width (~> 1.1)

PLATFORMS
  ruby

DEPENDENCIES
  filewatcher
  paint
  whirly

BUNDLED WITH
   1.15.1
